GIT
  remote: git://github.com/OpenRubyRMK/game-engine.git
  revision: 3ff67f3e20b236306c94875801bb41d189d412d6
  specs:
    openrubyrmk-engine (0.0.1.dev)
      gosu
      ruby-tmx

GIT
  remote: git://github.com/Quintus/tmx-ruby.git
  revision: f3548929c124ad0814af3d4717c9c3e5342cbb9d
  specs:
    ruby-tmx (0.0.1.dev)
      nokogiri

GEM
  remote: https://rubygems.org/
  specs:
    ansi (1.4.3)
    emerald (0.0.1.alpha4)
      rdoc (>= 3.12)
      sass (>= 3.2.0)
    gosu (0.7.45)
    json (1.7.5)
    nokogiri (1.5.5)
    paint (0.8.5)
    rake (0.9.2.2)
    rdoc (3.12)
      json (~> 1.4)
    sass (3.2.1)
    turn (0.9.6)
      ansi

PLATFORMS
  ruby

DEPENDENCIES
  emerald
  nokogiri
  openrubyrmk-engine!
  paint
  rake
  rdoc
  ruby-tmx!
  turn
