GEM
  remote: https://rubygems.org/
  specs:
    ansi (1.4.3)
    json (1.7.5)
    nokogiri (1.5.5)
    paint (0.8.5)
    rake (0.9.2.2)
    rdoc (3.12)
      json (~> 1.4)
    ruby-tmx (0.0.1.dev)
      nokogiri
    turn (0.9.6)
      ansi

PLATFORMS
  ruby

DEPENDENCIES
  nokogiri
  paint
  rake
  rdoc
  ruby-tmx
  turn
