GIT
  remote: git://github.com/Hanmac/tmx-ruby.git
  revision: 585a6404c1b5386a72861fcf5eade487d2f09775
  specs:
    ruby-tmx (0.0.1.dev)
      nokogiri
      rbtree

GEM
  remote: https://rubygems.org/
  specs:
    ansi (1.4.3)
    json (1.7.7)
    nokogiri (1.5.9)
    paint (0.8.6)
    rake (10.0.4)
    rbtree (0.4.1)
    rdoc (4.0.1)
      json (~> 1.4)
    turn (0.9.6)
      ansi

PLATFORMS
  ruby

DEPENDENCIES
  nokogiri
  paint
  rake
  rdoc
  ruby-tmx!
  turn
