GIT
  remote: git://github.com/Quintus/tmx-ruby.git
  revision: 8add349c6934e4533200213e57fe795a74d8557d
  specs:
    ruby-tmx (0.0.1.dev)
      nokogiri
      rbtree

GEM
  remote: https://rubygems.org/
  specs:
    ansi (1.4.3)
    emerald (0.0.1.alpha4)
      rdoc (>= 3.12)
      sass (>= 3.2.0)
    json (1.7.5)
    nokogiri (1.5.6)
    paint (0.8.5)
    rake (0.9.2.2)
    rbtree (0.3.0)
    rdoc (3.12)
      json (~> 1.4)
    sass (3.2.1)
    turn (0.9.6)
      ansi

PLATFORMS
  ruby

DEPENDENCIES
  emerald
  nokogiri
  paint
  rake
  rdoc
  ruby-tmx!
  turn
